GEM
  remote: http://rubygems.org/
  specs:
    activesupport (3.2.3)
      i18n (~> 0.6)
      multi_json (~> 1.0)
    antlr3 (1.8.12)
    builder (3.0.0)
    diff-lcs (1.1.3)
    hashie (1.2.0)
    i18n (0.6.0)
    json (1.6.6)
    multi_json (1.3.5)
    rspec (2.10.0)
      rspec-core (~> 2.10.0)
      rspec-expectations (~> 2.10.0)
      rspec-mocks (~> 2.10.0)
    rspec-core (2.10.1)
    rspec-expectations (2.10.0)
      diff-lcs (~> 1.1.3)
    rspec-http (0.10.0)
      rspec (~> 2.0)
    rspec-mocks (2.10.1)
    simplecov (0.6.1)
      multi_json (~> 1.0)
      simplecov-html (~> 0.5.3)
    simplecov-html (0.5.3)
    uuidtools (2.1.2)
    yard (0.7.5)
    yard-sinatra (1.0.0)
      yard (~> 0.7)

PLATFORMS
  ruby

DEPENDENCIES
  activesupport
  antlr3
  builder
  hashie
  json
  nokogiri
  rspec
  rspec-http
  simplecov
  uuidtools
  yard
  yard-sinatra
